GEM
  remote: http://rubygems.org/
  specs:
    actionmailer (2.3.18)
      actionpack (= 2.3.18)
    actionpack (2.3.18)
      activesupport (= 2.3.18)
      rack (~> 1.1.0)
    activerecord (2.3.18)
      activesupport (= 2.3.18)
    activeresource (2.3.18)
      activesupport (= 2.3.18)
    activesupport (2.3.18)
    calendar_date_select (1.16.1)
    color (1.4.1)
    docile (1.1.3)
    facebooker2 (0.0.17)
      mogli (>= 0.0.33)
      ruby-hmac
    fastercsv (1.5.5)
    haml (3.0.22)
    hashie (2.0.5)
    highline (1.6.20)
    httmultiparty (0.3.10)
      httparty (>= 0.7.3)
      multipart-post
    httparty (0.12.0)
      json (~> 1.8)
      multi_xml (>= 0.5.2)
    json (1.8.1)
    lazy (0.9.6)
    mash (0.1.1)
    metaclass (0.0.2)
    mini_portile (0.5.2)
    mocha (1.0.0)
      metaclass (~> 0.0.1)
    mogli (0.0.46)
      hashie (>= 1.1.0)
      httmultiparty (>= 0.3.6)
      httparty (>= 0.4.3)
      multi_json (~> 1.7.8)
    multi_json (1.7.9)
    multi_xml (0.5.5)
    multipart-post (2.0.0)
    nokogiri (1.6.1)
      mini_portile (~> 0.5.0)
    oauth (0.4.3)
    oauth-plugin (0.3.14)
      oauth (>= 0.3.5)
    pg (0.17.1)
    rack (1.1.6)
    rails (2.3.18)
      actionmailer (= 2.3.18)
      actionpack (= 2.3.18)
      activerecord (= 2.3.18)
      activeresource (= 2.3.18)
      activesupport (= 2.3.18)
      rake (>= 0.8.3)
    rake (10.1.1)
    ruby-hmac (0.4.0)
    shoulda (3.0.1)
      shoulda-context (~> 1.0.0)
      shoulda-matchers (~> 1.0.0)
    shoulda-context (1.0.2)
    shoulda-matchers (1.0.0)
    simplecov (0.8.2)
      docile (~> 1.1.0)
      multi_json
      simplecov-html (~> 0.8.0)
    simplecov-html (0.8.0)
    thoughtbot-shoulda (2.11.1)
    will_paginate (2.3.16)

PLATFORMS
  ruby

DEPENDENCIES
  calendar_date_select (= 1.16.1)
  color (= 1.4.1)
  facebooker2
  fastercsv
  haml (= 3.0.22)
  highline
  httparty
  json
  lazy (= 0.9.6)
  mash
  mocha
  mogli
  nokogiri
  oauth (= 0.4.3)
  oauth-plugin (= 0.3.14)
  pg
  rails (= 2.3.18)
  ruby-hmac
  shoulda
  simplecov
  thoughtbot-shoulda
  will_paginate (~> 2.3.11)
